GEM
  remote: https://rubygems.org/
  specs:
    asciidoctor (2.0.12)
    coderay (1.1.3)

PLATFORMS
  ruby

DEPENDENCIES
  asciidoctor
  coderay

BUNDLED WITH
   2.1.4
